PATH
  remote: .
  specs:
    solidus_custom_style (0.1.0)

GEM
  remote: https://rubygems.org/
  specs:
    rake (13.0.1)

PLATFORMS
  ruby

DEPENDENCIES
  bundler (~> 2.0)
  rake (~> 13.0)
  solidus_custom_style!

BUNDLED WITH
   2.0.2
